PATH
  remote: .
  specs:
    zurb-foundation (4.0.0.alpha)
      rake
      sass (>= 3.2.0)

GEM
  remote: https://rubygems.org/
  specs:
    rake (10.0.3)
    sass (3.2.5)

PLATFORMS
  ruby
  x86-mingw32

DEPENDENCIES
  zurb-foundation!
