PATH
  remote: .
  specs:
    zurb-foundation (3.0.8.rc1)
      compass (>= 0.12.2)
      rake
      sass (>= 3.2.0.alpha.244)

GEM
  remote: https://rubygems.org/
  specs:
    chunky_png (1.2.5)
    compass (0.12.2)
      chunky_png (~> 1.2)
      fssm (>= 0.2.7)
      sass (~> 3.1)
    fssm (0.2.9)
    rake (0.9.2.2)
    sass (3.2.0.alpha.277)

PLATFORMS
  ruby

DEPENDENCIES
  zurb-foundation!
