GEM
  remote: https://rubygems.org/
  specs:
    POpen4 (0.1.4)
      Platform (>= 0.4.0)
      open4
    Platform (0.4.0)
    directory_watcher (1.4.1)
    execjs (2.0.1)
    foreman (0.61.0)
      thor (>= 0.13.6)
    hike (1.2.3)
    multi_json (1.8.0)
    open4 (1.3.0)
    rack (1.5.2)
    redcarpet (3.0.0)
    rouge (1.0.0)
    sass (3.2.12)
    slop (3.3.2)
    sprockets (2.10.0)
      hike (~> 1.2)
      multi_json (~> 1.0)
      rack (~> 1.0)
      tilt (~> 1.1, != 1.3.0)
    stasis (0.2.0)
      directory_watcher (= 1.4.1)
      slop (= 3.3.2)
      tilt (= 1.3.3)
    thor (0.18.1)
    tilt (1.3.3)
    uglifier (2.2.1)
      execjs (>= 0.3.0)
      multi_json (~> 1.0, >= 1.0.2)
    yui-compressor (0.9.6)
      POpen4 (>= 0.1.4)
    zurb-foundation (4.3.2)
      sass (>= 3.2.0)

PLATFORMS
  ruby

DEPENDENCIES
  foreman
  rack
  redcarpet
  rouge
  sprockets
  stasis
  uglifier
  yui-compressor
  zurb-foundation (= 4.3.2)
